GEM
  remote: https://rubygems.org/
  specs:
    ansi (1.5.0)
    backports (3.11.4)
    cairo (1.16.2)
      native-package-installer (>= 1.0.3)
      pkg-config (>= 1.2.2)
    cairo-gobject (3.3.0)
      cairo (>= 1.16.1)
      glib2 (= 3.3.0)
    gio2 (3.3.0)
      glib2 (= 3.3.0)
      gobject-introspection (= 3.3.0)
    glib2 (3.3.0)
      native-package-installer (>= 1.0.3)
      pkg-config (>= 1.2.2)
    gobject-introspection (3.3.0)
      glib2 (= 3.3.0)
    minitest (5.11.3)
    minitest-doc_reporter (0.6.0)
      ansi
      minitest (~> 5.0)
    multi_json (1.13.1)
    mustermann (1.0.3)
    native-package-installer (1.0.6)
    pdf-core (0.7.0)
    pkg-config (1.3.2)
    poppler (3.3.0)
      cairo-gobject (= 3.3.0)
      gio2 (= 3.3.0)
    prawn (2.2.2)
      pdf-core (~> 0.7.0)
      ttfunk (~> 1.5)
    rack (2.0.6)
    rack-protection (2.0.5)
      rack
    rack-test (1.1.0)
      rack (>= 1.0, < 3)
    rake (12.3.2)
    sinatra (2.0.5)
      mustermann (~> 1.0)
      rack (~> 2.0)
      rack-protection (= 2.0.5)
      tilt (~> 2.0)
    sinatra-contrib (2.0.5)
      backports (>= 2.8.2)
      multi_json
      mustermann (~> 1.0)
      rack-protection (= 2.0.5)
      sinatra (= 2.0.5)
      tilt (>= 1.3, < 3)
    tilt (2.0.9)
    ttfunk (1.5.1)

PLATFORMS
  ruby

DEPENDENCIES
  minitest
  minitest-doc_reporter
  poppler
  prawn
  rack-test
  rake
  sinatra
  sinatra-contrib

BUNDLED WITH
   1.16.1
