GEM
  remote: https://rubygems.org/
  specs:
    ansi (1.5.0)
    backports (3.6.7)
    cairo (1.14.3)
      pkg-config (>= 1.1.5)
    gdk_pixbuf2 (3.0.7)
      glib2 (= 3.0.7)
    glib2 (3.0.7)
      pkg-config
    minitest (5.8.3)
    minitest-doc_reporter (0.6.0)
      ansi
      minitest (~> 5.0)
    multi_json (1.11.2)
    pdf-core (0.6.0)
    pkg-config (1.1.7)
    poppler (3.0.7)
      cairo (>= 1.14.0)
      gdk_pixbuf2 (= 3.0.7)
    prawn (2.0.2)
      pdf-core (~> 0.6.0)
      ttfunk (~> 1.4.0)
    rack (1.6.4)
    rack-protection (1.5.3)
      rack
    rack-test (0.6.3)
      rack (>= 1.0)
    sinatra (1.4.6)
      rack (~> 1.4)
      rack-protection (~> 1.4)
      tilt (>= 1.3, < 3)
    sinatra-contrib (1.4.6)
      backports (>= 2.0)
      multi_json
      rack-protection
      rack-test
      sinatra (~> 1.4.0)
      tilt (>= 1.3, < 3)
    tilt (2.0.1)
    ttfunk (1.4.0)

PLATFORMS
  ruby

DEPENDENCIES
  minitest
  minitest-doc_reporter
  poppler
  prawn
  rack-test
  sinatra
  sinatra-contrib

BUNDLED WITH
   1.11.2
